GIT
  remote: git://github.com/britg/sinatra-cross_origin.git
  revision: 5d9ff7df49b4e77c18b7147f189019284a6efe07
  specs:
    sinatra-cross_origin (0.2.0)

GIT
  remote: https://amireh@github.com/amireh/pibi.rb.git
  revision: 580e698e3e63560bd8b05a546d656818d1a0b329
  branch: master
  specs:
    pibi (0.3.0)
      activesupport (>= 4.0.0)
      bunny (>= 0.10.x)
      json
      uuid

GIT
  remote: https://github.com/sinatra/sinatra
  revision: ccd6103d4c9c2238cd9d8b74176a24844eff328c
  specs:
    sinatra (1.4.3)
      rack (~> 1.4)
      rack-protection (~> 1.4)
      tilt (~> 1.3, >= 1.3.4)

GIT
  remote: https://github.com/sinatra/sinatra-contrib
  revision: 7f1c651f32e831196b03e8273824f876c6f1e1f5
  specs:
    sinatra-contrib (1.4.1)
      backports (>= 2.0)
      multi_json
      rack-protection
      rack-test
      sinatra (~> 1.4.0)
      tilt (~> 1.3)

GEM
  remote: https://rubygems.org/
  specs:
    activesupport (4.0.0)
      i18n (~> 0.6, >= 0.6.4)
      minitest (~> 4.2)
      multi_json (~> 1.3)
      thread_safe (~> 0.1)
      tzinfo (~> 0.3.37)
    addressable (2.3.5)
    amq-protocol (1.7.0)
    atomic (1.1.13)
    backports (3.3.3)
    bcrypt-ruby (3.1.2)
    bunny (1.0.0.pre5)
      amq-protocol (>= 1.7.0)
    cancan (1.6.10)
    data_objects (0.10.13)
      addressable (~> 2.1)
    diff-lcs (1.2.4)
    dm-constraints (1.2.0)
      dm-core (~> 1.2.0)
    dm-core (1.2.1)
      addressable (~> 2.3)
    dm-do-adapter (1.2.0)
      data_objects (~> 0.10.6)
      dm-core (~> 1.2.0)
    dm-migrations (1.2.0)
      dm-core (~> 1.2.0)
    dm-mysql-adapter (1.2.0)
      dm-do-adapter (~> 1.2.0)
      do_mysql (~> 0.10.6)
    dm-serializer (1.2.2)
      dm-core (~> 1.2.0)
      fastercsv (~> 1.5)
      json (~> 1.6)
      json_pure (~> 1.6)
      multi_json (~> 1.0)
    dm-types (1.2.2)
      bcrypt-ruby (~> 3.0)
      dm-core (~> 1.2.0)
      fastercsv (~> 1.5)
      json (~> 1.6)
      multi_json (~> 1.0)
      stringex (~> 1.4)
      uuidtools (~> 2.1)
    dm-validations (1.2.0)
      dm-core (~> 1.2.0)
    do_mysql (0.10.13)
      data_objects (= 0.10.13)
    faraday (0.8.8)
      multipart-post (~> 1.2.0)
    fastercsv (1.5.5)
    google_currency (2.2.0)
      money (~> 5.1.0)
      multi_json (>= 1.0.0)
    hashie (2.0.5)
    httpauth (0.2.0)
    i18n (0.6.5)
    ice_cube (0.10.1)
    json (1.8.0)
    json_pure (1.8.0)
    jwt (0.1.8)
      multi_json (>= 1.5)
    kgio (2.8.0)
    macaddr (1.6.1)
      systemu (~> 2.5.0)
    minitest (4.7.5)
    moneta (0.7.19)
    money (5.1.1)
      i18n (~> 0.6.0)
    multi_json (1.7.9)
    multipart-post (1.2.0)
    mysql (2.9.1)
    oauth2 (0.8.1)
      faraday (~> 0.8)
      httpauth (~> 0.1)
      jwt (~> 0.1.4)
      multi_json (~> 1.0)
      rack (~> 1.2)
    omniauth (1.1.4)
      hashie (>= 1.2, < 3)
      rack
    omniauth-facebook (1.4.1)
      omniauth-oauth2 (~> 1.1.0)
    omniauth-google-oauth2 (0.2.1)
      omniauth (~> 1.0)
      omniauth-oauth2
    omniauth-oauth2 (1.1.1)
      oauth2 (~> 0.8.0)
      omniauth (~> 1.0)
    rabl (0.8.6)
      activesupport (>= 2.3.14)
    rack (1.5.2)
    rack-protection (1.5.0)
      rack
    rack-test (0.6.2)
      rack (>= 1.0)
    raindrops (0.11.0)
    rake (10.1.0)
    rspec (2.14.1)
      rspec-core (~> 2.14.0)
      rspec-expectations (~> 2.14.0)
      rspec-mocks (~> 2.14.0)
    rspec-core (2.14.5)
    rspec-expectations (2.14.2)
      diff-lcs (>= 1.1.3, < 2.0)
    rspec-mocks (2.14.3)
    sinatra-can (0.2)
      cancan (>= 1.6.0)
      sinatra (>= 1.0.0)
    stringex (1.5.1)
    systemu (2.5.2)
    thread_safe (0.1.2)
      atomic
    tilt (1.4.1)
    tzinfo (0.3.37)
    unicorn (4.6.3)
      kgio (~> 2.6)
      rack
      raindrops (~> 0.7)
    uuid (2.3.7)
      macaddr (~> 1.0)
    uuidtools (2.1.4)
    yajl-ruby (1.1.0)

PLATFORMS
  ruby

DEPENDENCIES
  activesupport (>= 4.0.0)
  addressable
  dm-constraints (>= 1.2.0)
  dm-core (>= 1.2.0)
  dm-migrations (>= 1.2.0)
  dm-mysql-adapter (>= 1.2.0)
  dm-serializer (>= 1.2.0)
  dm-types (>= 1.2.0)
  dm-validations (>= 1.2.0)
  google_currency (= 2.2.0)
  ice_cube (= 0.10.1)
  json
  moneta
  money (= 5.1.1)
  multi_json
  mysql
  omniauth (~> 1.1.4)
  omniauth-facebook
  omniauth-google-oauth2
  pibi!
  rabl
  rake
  rspec
  rspec-core
  sinatra (>= 1.4.0)!
  sinatra-can
  sinatra-contrib!
  sinatra-cross_origin!
  tzinfo
  unicorn
  uuid
  yajl-ruby
