GIT
  remote: git://github.com/britg/sinatra-cross_origin.git
  revision: 5d9ff7df49b4e77c18b7147f189019284a6efe07
  specs:
    sinatra-cross_origin (0.2.0)

GIT
  remote: https://amireh@github.com/amireh/pibi.rb.git
  revision: 8e90e070fcff7fe5812703ea291773a2be4ad754
  branch: master
  specs:
    pibi (0.3.0)
      activesupport (>= 4.0.0)
      bunny (>= 0.10.x)
      json
      uuid

GIT
  remote: https://github.com/sinatra/sinatra-contrib
  revision: 7f1c651f32e831196b03e8273824f876c6f1e1f5
  specs:
    sinatra-contrib (1.4.1)
      backports (>= 2.0)
      multi_json
      rack-protection
      rack-test
      sinatra (~> 1.4.0)
      tilt (~> 1.3)

GEM
  remote: https://rubygems.org/
  specs:
    activesupport (4.0.0)
      i18n (~> 0.6, >= 0.6.4)
      minitest (~> 4.2)
      multi_json (~> 1.3)
      thread_safe (~> 0.1)
      tzinfo (~> 0.3.37)
    addressable (2.3.5)
    amq-protocol (1.8.0)
    atomic (1.1.14)
    backports (3.3.5)
    bcrypt-ruby (3.1.2)
    bluecloth (2.2.0)
    bunny (1.0.0.rc2)
      amq-protocol (>= 1.8.0)
    cancan (1.6.10)
    daemons (1.1.9)
    data_objects (0.10.13)
      addressable (~> 2.1)
    diff-lcs (1.2.4)
    dm-constraints (1.2.0)
      dm-core (~> 1.2.0)
    dm-core (1.2.1)
      addressable (~> 2.3)
    dm-do-adapter (1.2.0)
      data_objects (~> 0.10.6)
      dm-core (~> 1.2.0)
    dm-migrations (1.2.0)
      dm-core (~> 1.2.0)
    dm-mysql-adapter (1.2.0)
      dm-do-adapter (~> 1.2.0)
      do_mysql (~> 0.10.6)
    dm-serializer (1.2.2)
      dm-core (~> 1.2.0)
      fastercsv (~> 1.5)
      json (~> 1.6)
      json_pure (~> 1.6)
      multi_json (~> 1.0)
    dm-types (1.2.2)
      bcrypt-ruby (~> 3.0)
      dm-core (~> 1.2.0)
      fastercsv (~> 1.5)
      json (~> 1.6)
      multi_json (~> 1.0)
      stringex (~> 1.4)
      uuidtools (~> 2.1)
    dm-validations (1.2.0)
      dm-core (~> 1.2.0)
    do_mysql (0.10.13)
      data_objects (= 0.10.13)
    eventmachine (1.0.3)
    faraday (0.8.8)
      multipart-post (~> 1.2.0)
    fastercsv (1.5.5)
    google_currency (2.2.0)
      money (~> 5.1.0)
      multi_json (>= 1.0.0)
    hashie (2.0.5)
    httpauth (0.2.0)
    i18n (0.6.5)
    ice_cube (0.10.1)
    json (1.8.1)
    json_pure (1.8.1)
    jwt (0.1.8)
      multi_json (>= 1.5)
    kgio (2.8.1)
    macaddr (1.6.1)
      systemu (~> 2.5.0)
    minitest (4.7.5)
    moneta (0.7.20)
    money (5.1.1)
      i18n (~> 0.6.0)
    money-open-exchange-rates (0.1.5)
      json (>= 1.7)
      money (>= 3.7.1)
    multi_json (1.8.2)
    multipart-post (1.2.0)
    mysql (2.9.1)
    newrelic_rpm (3.6.8.164)
    oauth2 (0.8.1)
      faraday (~> 0.8)
      httpauth (~> 0.1)
      jwt (~> 0.1.4)
      multi_json (~> 1.0)
      rack (~> 1.2)
    omniauth (1.1.4)
      hashie (>= 1.2, < 3)
      rack
    omniauth-facebook (1.4.1)
      omniauth-oauth2 (~> 1.1.0)
    omniauth-google-oauth2 (0.2.1)
      omniauth (~> 1.0)
      omniauth-oauth2
    omniauth-oauth2 (1.1.1)
      oauth2 (~> 0.8.0)
      omniauth (~> 1.0)
    puma (2.5.1)
      rack (>= 1.1, < 2.0)
    rabl (0.9.0)
      activesupport (>= 2.3.14)
    rack (1.5.2)
    rack-protection (1.5.1)
      rack
    rack-test (0.6.2)
      rack (>= 1.0)
    raindrops (0.12.0)
    rake (10.1.0)
    rspec (2.14.1)
      rspec-core (~> 2.14.0)
      rspec-expectations (~> 2.14.0)
      rspec-mocks (~> 2.14.0)
    rspec-core (2.14.6)
    rspec-expectations (2.14.3)
      diff-lcs (>= 1.1.3, < 2.0)
    rspec-mocks (2.14.4)
    ruby-progressbar (1.2.0)
    simplecov (0.7.1)
      multi_json (~> 1.0)
      simplecov-html (~> 0.7.1)
    simplecov-html (0.7.1)
    sinatra (1.4.0)
      rack (~> 1.5, >= 1.5.2)
      rack-protection (~> 1.4)
      tilt (~> 1.3, >= 1.3.4)
    sinatra-api (1.1.8)
      activesupport
      json
      sinatra
    sinatra-can (0.2)
      cancan (>= 1.6.0)
      sinatra (>= 1.0.0)
    stringex (1.5.1)
    systemu (2.5.2)
    thin (1.6.0)
      daemons (>= 1.0.9)
      eventmachine (>= 1.0.0)
      rack (>= 1.5.0)
    thread_safe (0.1.3)
      atomic
    tilt (1.4.1)
    tzinfo (0.3.38)
    unicorn (4.6.3)
      kgio (~> 2.6)
      rack
      raindrops (~> 0.7)
    uuid (2.3.7)
      macaddr (~> 1.0)
    uuidtools (2.1.4)
    yajl-ruby (1.1.0)

PLATFORMS
  ruby

DEPENDENCIES
  activesupport (>= 4.0.0)
  addressable
  bluecloth
  dm-constraints (>= 1.2.0)
  dm-core (>= 1.2.0)
  dm-migrations (>= 1.2.0)
  dm-mysql-adapter (>= 1.2.0)
  dm-serializer (>= 1.2.0)
  dm-types (>= 1.2.0)
  dm-validations (>= 1.2.0)
  google_currency (= 2.2.0)
  ice_cube (= 0.10.1)
  json
  moneta
  money (= 5.1.1)
  money-open-exchange-rates
  multi_json
  mysql
  newrelic_rpm
  omniauth (~> 1.1.4)
  omniauth-facebook
  omniauth-google-oauth2
  pibi!
  puma
  rabl
  rack-protection (= 1.5.1)
  rake
  rspec
  rspec-core
  ruby-progressbar
  simplecov
  sinatra (= 1.4.0)
  sinatra-api (= 1.1.8)
  sinatra-can
  sinatra-contrib!
  sinatra-cross_origin!
  thin
  tzinfo
  unicorn
  uuid
  yajl-ruby
